GEM
  remote: https://rubygems.org/
  specs:
    activesupport (6.1.5.1)
      concurrent-ruby (~> 1.0, >= 1.0.2)
      i18n (>= 1.6, < 2)
      minitest (>= 5.1)
      tzinfo (~> 2.0)
      zeitwerk (~> 2.3)
    addressable (2.3.8)
    babosa (1.0.2)
    backports (3.23.0)
    cert (1.4.4)
      fastlane_core (>= 0.55.0, < 1.0.0)
      spaceship (>= 0.37.0, < 1.0.0)
    claide (0.9.1)
    colored (1.2)
    commander (4.6.0)
      highline (~> 2.0.0)
    concurrent-ruby (1.1.10)
    crass (1.0.6)
    credentials_manager (0.16.4)
      colored
      commander (>= 4.3.5)
      highline (>= 1.7.1)
      security
    deliver (1.16.1)
      credentials_manager (>= 0.16.2, < 1.0.0)
      fastimage (~> 1.6)
      fastlane_core (>= 0.58.0, < 1.0.0)
      plist (>= 3.1.0, < 4.0.0)
      spaceship (>= 0.38.5, < 1.0.0)
    diff-lcs (1.5.0)
    domain_name (0.5.20190701)
      unf (>= 0.0.5, < 1.0.0)
    dotenv (2.7.6)
    excon (0.92.3)
    execjs (2.8.1)
    faraday (0.17.5)
      multipart-post (>= 1.2, < 3)
    faraday-cookie_jar (0.0.7)
      faraday (>= 0.8.0)
      http-cookie (~> 1.0.0)
    faraday_middleware (0.14.0)
      faraday (>= 0.7.4, < 1.0)
    fastimage (1.6.8)
      addressable (~> 2.3, >= 2.3.5)
    fastlane (1.36.3)
      addressable (~> 2.3.8)
      cert (>= 1.1.0, < 2.0.0)
      credentials_manager (>= 0.10.0, < 1.0.0)
      deliver (>= 1.5.0, < 2.0.0)
      fastlane_core (>= 0.26.1, < 1.0.0)
      frameit (>= 2.2.2, < 3.0.0)
      gym (>= 1.1.1, < 2.0.0)
      krausefx-shenzhen (>= 0.14.6)
      pbxplorer (~> 1.0.0)
      pem (>= 1.0.0, < 2.0.0)
      pilot (>= 1.0.0, < 2.0.0)
      plist (~> 3.1.0)
      produce (>= 1.0.0, < 2.0.0)
      rest-client (~> 1.8.0)
      scan (>= 0.2.0, < 1.0.0)
      sigh (>= 1.1.1, < 2.0.0)
      slack-notifier (~> 1.3)
      snapshot (>= 1.0.4, < 2.0.0)
      spaceship (>= 0.13.0, < 1.0.0)
      supply (>= 0.2.1, < 1.0.0)
      terminal-notifier (~> 1.6.2)
      terminal-table (~> 1.4.5)
      xcodeproj (>= 0.20, < 1.0.0)
      xcpretty (>= 0.1.11)
    fastlane_core (0.59.0)
      colored
      commander (>= 4.4.0, <= 5.0.0)
      credentials_manager (>= 0.16.2, < 1.0.0)
      excon (>= 0.45.0, < 1.0)
      gh_inspector (>= 1.0.1, < 2.0.0)
      highline (>= 1.7.2)
      json
      multi_json
      plist (>= 3.1.0, < 4.0.0)
      rubyzip (~> 1.1.6)
      terminal-table (>= 1.4.5, < 2.0.0)
    ffi (1.15.5)
    frameit (2.8.0)
      deliver (> 0.3)
      fastimage (~> 1.6.3)
      fastlane_core (>= 0.52.1, < 1.0.0)
      mini_magick (~> 4.5.1)
    gemojione (4.3.3)
      json
    gh_inspector (1.1.3)
    github-markup (4.0.0)
    gollum (5.2.3)
      gemojione (~> 4.1)
      gollum-lib (~> 5.1)
      kramdown (~> 2.3)
      kramdown-parser-gfm (~> 1.1.0)
      mustache-sinatra (~> 1.0)
      octicons (~> 12.0)
      rss (~> 0.2.9)
      sass (~> 3.5)
      sinatra (~> 2.0)
      sinatra-contrib (~> 2.0)
      sprockets (~> 3.7)
      sprockets-helpers (~> 1.2)
      therubyrhino (~> 2.1.0)
      uglifier (~> 4.2)
      useragent (~> 0.16.2)
      webrick (~> 1.7)
    gollum-lib (5.1.3)
      gemojione (~> 4.1)
      github-markup (~> 4.0)
      gollum-rugged_adapter (~> 1.0)
      loofah (~> 2.3)
      nokogiri (~> 1.8)
      octicons (~> 12.0)
      rouge (~> 3.1)
      twitter-text (= 1.14.7)
    gollum-rugged_adapter (1.1.2)
      mime-types (~> 1.15)
      rugged (~> 1.1.0)
    google-api-client (0.9.28)
      addressable (~> 2.3)
      googleauth (~> 0.5)
      httpclient (~> 2.7)
      hurley (~> 0.1)
      memoist (~> 0.11)
      mime-types (>= 1.6)
      representable (~> 2.3.0)
      retriable (~> 2.0)
    googleauth (0.17.1)
      faraday (>= 0.17.3, < 2.0)
      jwt (>= 1.4, < 3.0)
      memoist (~> 0.16)
      multi_json (~> 1.11)
      os (>= 0.9, < 2.0)
      signet (~> 0.15)
    gym (1.1.3)
      fastlane_core (>= 0.25.0, < 1.0.0)
      plist
      rubyzip (>= 1.1.7)
      terminal-table
      xcpretty (~> 0.1)
    highline (2.0.3)
    http-cookie (1.0.4)
      domain_name (~> 0.5)
    httpclient (2.8.3)
    hurley (0.2)
    i18n (1.10.0)
      concurrent-ruby (~> 1.0)
    json (1.8.6)
    jwt (2.3.0)
    kramdown (2.4.0)
      rexml
    kramdown-parser-gfm (1.1.0)
      kramdown (~> 2.0)
    krausefx-shenzhen (0.14.11)
      commander (>= 4.3, < 5.0)
      dotenv (>= 0.7)
      faraday (~> 0.9)
      faraday_middleware (~> 0.9)
      highline (>= 1.7.2)
      json (~> 1.8)
      net-sftp (~> 2.1.2)
      plist (>= 3.1.0, < 4.0.0)
      rubyzip (~> 1.1)
      security (~> 0.1.3)
      terminal-table (~> 1.4.5)
    loofah (2.17.0)
      crass (~> 1.0.2)
      nokogiri (>= 1.5.9)
    memoist (0.16.2)
    mime-types (1.25.1)
    mini_magick (4.5.1)
    minitest (5.15.0)
    multi_json (1.15.0)
    multi_xml (0.6.0)
    multipart-post (2.1.1)
    mustache (0.99.8)
    mustache-sinatra (1.0.1)
      mustache (<= 0.99.8)
    mustermann (1.1.1)
      ruby2_keywords (~> 0.0.1)
    net-sftp (2.1.2)
      net-ssh (>= 2.6.5)
    net-ssh (6.1.0)
    netrc (0.11.0)
    nokogiri (1.13.4-arm64-darwin)
      racc (~> 1.4)
    nokogiri (1.13.4-x86_64-darwin)
      racc (~> 1.4)
    octicons (12.1.0)
      nokogiri (>= 1.6.3.1)
    os (1.1.4)
    pbxplorer (1.0.0)
    pem (1.4.1)
      fastlane_core (>= 0.58.0, < 1.0.0)
      spaceship (>= 0.38.5, < 1.0.0)
    pilot (1.12.1)
      credentials_manager (>= 0.16.0)
      fastlane_core (>= 0.56.0, < 1.0.0)
      spaceship (>= 0.37.0, < 1.0.0)
      terminal-table (>= 1.4.5, < 2.0.0)
    plist (3.1.0)
    produce (1.3.2)
      fastlane_core (>= 0.57.2, < 1.0.0)
      spaceship (>= 0.38.4, < 1.0.0)
    racc (1.6.0)
    rack (2.0.9)
    rack-protection (2.0.8.1)
      rack
    rb-fsevent (0.11.1)
    rb-inotify (0.10.1)
      ffi (~> 1.0)
    representable (2.3.0)
      uber (~> 0.0.7)
    rest-client (1.8.0)
      http-cookie (>= 1.0.2, < 2.0)
      mime-types (>= 1.16, < 3.0)
      netrc (~> 0.7)
    retriable (2.1.0)
    rexml (3.2.5)
    rouge (3.28.0)
    rspec (3.11.0)
      rspec-core (~> 3.11.0)
      rspec-expectations (~> 3.11.0)
      rspec-mocks (~> 3.11.0)
    rspec-core (3.11.0)
      rspec-support (~> 3.11.0)
    rspec-expectations (3.11.0)
      diff-lcs (>= 1.2.0, < 2.0)
      rspec-support (~> 3.11.0)
    rspec-mocks (3.11.1)
      diff-lcs (>= 1.2.0, < 2.0)
      rspec-support (~> 3.11.0)
    rspec-support (3.11.0)
    rss (0.2.9)
      rexml
    ruby2_keywords (0.0.5)
    rubyzip (1.1.7)
    rugged (1.1.1)
    sass (3.7.4)
      sass-listen (~> 4.0.0)
    sass-listen (4.0.0)
      rb-fsevent (~> 0.9, >= 0.9.4)
      rb-inotify (~> 0.9, >= 0.9.7)
    scan (0.2.0)
      fastlane_core (>= 0.25.3, < 1.0.0)
      slack-notifier (~> 1.3)
      terminal-table
      xcpretty (~> 0.1.12)
      xcpretty-travis-formatter (~> 0.0.3)
    security (0.1.5)
    sigh (1.12.1)
      fastlane_core (>= 0.57.2, < 1.0.0)
      plist (>= 3.1.0, < 4.0.0)
      spaceship (>= 0.38.4, < 1.0.0)
    signet (0.15.0)
      addressable (~> 2.3)
      faraday (>= 0.17.3, < 2.0)
      jwt (>= 1.5, < 3.0)
      multi_json (~> 1.10)
    sinatra (2.0.8.1)
      mustermann (~> 1.0)
      rack (~> 2.0)
      rack-protection (= 2.0.8.1)
      tilt (~> 2.0)
    sinatra-contrib (2.0.8.1)
      backports (>= 2.8.2)
      multi_json
      mustermann (~> 1.0)
      rack-protection (= 2.0.8.1)
      sinatra (= 2.0.8.1)
      tilt (~> 2.0)
    slack-notifier (1.5.1)
    snapshot (1.0.5)
      fastimage (~> 1.6.3)
      fastlane_core (>= 0.21.0, < 1.0.0)
      plist (~> 3.1.0)
      xcpretty
    spaceship (0.39.0)
      babosa (= 1.0.2)
      colored
      credentials_manager (>= 0.16.0)
      faraday (~> 0.9)
      faraday-cookie_jar (~> 0.0.6)
      faraday_middleware (~> 0.9)
      fastimage (>= 1.6)
      multi_xml (~> 0.5)
      plist (>= 3.1.0, < 4.0.0)
    sprockets (3.7.2)
      concurrent-ruby (~> 1.0)
      rack (> 1, < 3)
    sprockets-helpers (1.4.0)
      sprockets (>= 2.2)
    supply (0.8.0)
      credentials_manager (>= 0.16.0)
      fastlane_core (>= 0.52.0)
      google-api-client (~> 0.9.1)
    terminal-notifier (1.6.3)
    terminal-table (1.4.5)
    therubyrhino (2.1.2)
      therubyrhino_jar (>= 1.7.4, < 1.7.9)
    therubyrhino_jar (1.7.8)
    tilt (2.0.10)
    twitter-text (1.14.7)
      unf (~> 0.1.0)
    tzinfo (2.0.4)
      concurrent-ruby (~> 1.0)
    uber (0.0.15)
    uglifier (4.2.0)
      execjs (>= 0.3.0, < 3)
    unf (0.1.4)
      unf_ext
    unf_ext (0.0.8.1)
    useragent (0.16.10)
    webrick (1.7.0)
    xcodeproj (0.28.2)
      activesupport (>= 3)
      claide (~> 0.9.1)
      colored (~> 1.2)
    xcpretty (0.1.12)
    xcpretty-travis-formatter (0.0.3)
      xcpretty (~> 0.1, >= 0.0.7)
    zeitwerk (2.5.4)

PLATFORMS
  universal-darwin-21

DEPENDENCIES
  fastlane
  gollum (~> 5.2, >= 5.2.3)
  nokogiri
  rack (~> 2.0.1)
  rspec

BUNDLED WITH
   2.3.12
